GEM
  remote: http://rubygems.org/
  specs:
    abstract (1.0.0)
    bunny (0.6.0)
    chef (0.8.16)
      bunny (>= 0.6.0)
      erubis
      extlib
      json (<= 1.4.2)
      mixlib-authentication (>= 1.1.0)
      mixlib-cli (>= 1.1.0)
      mixlib-config (>= 1.1.0)
      mixlib-log (>= 1.1.0)
      moneta
      ohai (>= 0.5.0)
    erubis (2.6.6)
      abstract (>= 1.0.0)
    extlib (0.9.15)
    json (1.4.2)
    mixlib-authentication (1.1.4)
      mixlib-log
    mixlib-cli (1.2.0)
    mixlib-config (1.1.2)
    mixlib-log (1.1.0)
    moneta (0.6.0)
    ohai (0.5.6)
      extlib
      json (<= 1.4.2)
      mixlib-cli
      mixlib-config
      mixlib-log
      systemu
    systemu (1.2.0)

PLATFORMS
  ruby

DEPENDENCIES
  chef (= 0.8.16)
